PATH
  remote: .
  specs:
    i18n-remote (0.1.1)
      faraday
      faraday-net_http_persistent
      i18n (~> 1.10)
      parallel
      psych

GEM
  remote: https://rubygems.org/
  specs:
    addressable (2.8.0)
      public_suffix (>= 2.0.2, < 5.0)
    ast (2.4.2)
    byebug (11.1.3)
    concurrent-ruby (1.1.10)
    connection_pool (2.2.5)
    crack (0.4.5)
      rexml
    faraday (2.3.0)
      faraday-net_http (~> 2.0)
      ruby2_keywords (>= 0.0.4)
    faraday-net_http (2.0.3)
    faraday-net_http_persistent (2.0.1)
      faraday-net_http
      net-http-persistent (~> 4.0)
    hashdiff (1.0.1)
    i18n (1.10.0)
      concurrent-ruby (~> 1.0)
    minitest (5.16.1)
    mocha (1.14.0)
    net-http-persistent (4.0.1)
      connection_pool (~> 2.2)
    parallel (1.22.1)
    parser (3.1.2.0)
      ast (~> 2.4.1)
    psych (4.0.3)
      stringio
    public_suffix (4.0.7)
    rainbow (3.1.1)
    rake (13.0.6)
    regexp_parser (2.5.0)
    rexml (3.2.5)
    rubocop (1.31.0)
      parallel (~> 1.10)
      parser (>= 3.1.0.0)
      rainbow (>= 2.2.2, < 4.0)
      regexp_parser (>= 1.8, < 3.0)
      rexml (>= 3.2.5, < 4.0)
      rubocop-ast (>= 1.18.0, < 2.0)
      ruby-progressbar (~> 1.7)
      unicode-display_width (>= 1.4.0, < 3.0)
    rubocop-ast (1.18.0)
      parser (>= 3.1.1.0)
    ruby-progressbar (1.11.0)
    ruby2_keywords (0.0.5)
    stringio (3.0.1)
    test_declarative (0.0.6)
    unicode-display_width (2.2.0)
    vcr (6.1.0)
    webmock (3.14.0)
      addressable (>= 2.8.0)
      crack (>= 0.3.2)
      hashdiff (>= 0.4.0, < 2.0.0)

PLATFORMS
  x86_64-darwin-21
  x86_64-linux

DEPENDENCIES
  bundler
  byebug
  i18n-remote!
  minitest (~> 5.0)
  mocha
  rake (~> 13.0)
  rubocop (~> 1.21)
  test_declarative
  vcr
  webmock

BUNDLED WITH
   2.3.16
